GEM
  remote: https://rubygems.org/
  specs:
    byebug (8.2.1)
    metaclass (0.0.4)
    mocha (1.1.0)
      metaclass (~> 0.0.1)
    power_assert (0.2.7)
    rake (10.5.0)
    terminal-notifier (1.6.3)
    test-unit (3.1.7)
      power_assert
    test-unit-notify (1.0.4)
      test-unit (>= 2.4.9)

PLATFORMS
  ruby

DEPENDENCIES
  byebug (= 8.2.1)
  mocha (= 1.1.0)
  rake (= 10.5.0)
  terminal-notifier (= 1.6.3)
  test-unit (= 3.1.7)
  test-unit-notify (= 1.0.4)

BUNDLED WITH
   1.11.2
