GEM
  remote: https://rubygems.org/
  specs:
    power_assert (0.2.7)
    rake (10.5.0)
    terminal-notifier (1.6.3)
    test-unit (3.1.7)
      power_assert
    test-unit-notify (1.0.4)
      test-unit (>= 2.4.9)

PLATFORMS
  ruby

DEPENDENCIES
  rake (= 10.5.0)
  terminal-notifier (= 1.6.3)
  test-unit (= 3.1.7)
  test-unit-notify (= 1.0.4)

BUNDLED WITH
   1.11.2
